GIT
  remote: https://github.com/darnovo/stamps.git
  revision: ea97e044bcb15d2999ae4c6ebba406aa09e29f59
  specs:
    stamps (0.3.0)
      hashie (~> 1.0)
      httpi (= 0.7.9)
      json (~> 1.5)
      multi_json (~> 1.0)
      savon (= 0.8.6)

GEM
  remote: http://rubygems.org/
  specs:
    POpen4 (0.1.4)
      Platform (>= 0.4.0)
      open4
    Platform (0.4.0)
    actionmailer (3.2.8)
      actionpack (= 3.2.8)
      mail (~> 2.4.4)
    actionpack (3.2.8)
      activemodel (= 3.2.8)
      activesupport (= 3.2.8)
      builder (~> 3.0.0)
      erubis (~> 2.7.0)
      journey (~> 1.0.4)
      rack (~> 1.4.0)
      rack-cache (~> 1.2)
      rack-test (~> 0.6.1)
      sprockets (~> 2.1.3)
    active_paypal_adaptive_payment (0.3.15)
      activemerchant (>= 1.5.1)
      hashie (>= 1.2.0)
      mocha (>= 0.10.0)
      money (>= 3.6.0)
      multi_json (>= 1.0.0)
    active_utils (1.0.5)
      activesupport (>= 2.3.11)
      i18n
    activeadmin (0.5.0)
      arbre (>= 1.0.1)
      bourbon (>= 1.0.0)
      devise (>= 1.1.2)
      fastercsv
      formtastic (>= 2.0.0)
      inherited_resources (>= 1.3.1)
      jquery-rails (>= 1.0.0)
      kaminari (>= 0.13.0)
      meta_search (>= 0.9.2)
      rails (>= 3.0.0)
      sass (>= 3.1.0)
    activemerchant (1.26.0)
      active_utils (>= 1.0.2)
      activesupport (>= 2.3.11)
      builder (>= 2.0.0)
      i18n
      json (>= 1.5.1)
      money
      nokogiri
    activemodel (3.2.8)
      activesupport (= 3.2.8)
      builder (~> 3.0.0)
    activerecord (3.2.8)
      activemodel (= 3.2.8)
      activesupport (= 3.2.8)
      arel (~> 3.0.2)
      tzinfo (~> 0.3.29)
    activeresource (3.2.8)
      activemodel (= 3.2.8)
      activesupport (= 3.2.8)
    activesupport (3.2.8)
      i18n (~> 0.6)
      multi_json (~> 1.0)
    addressable (2.3.2)
    arbre (1.0.1)
      activesupport (>= 3.0.0)
    arel (3.0.2)
    bcrypt-ruby (3.0.1)
    bourbon (2.1.1)
      sass (>= 3.1)
    builder (3.0.3)
    carrierwave (0.6.2)
      activemodel (>= 3.2.0)
      activesupport (>= 3.2.0)
    ckeditor (3.7.3)
      mime-types
      orm_adapter
    coffee-rails (3.2.2)
      coffee-script (>= 2.2.0)
      railties (~> 3.2.0)
    coffee-script (2.2.0)
      coffee-script-source
      execjs
    coffee-script-source (1.3.3)
    connection_pool (0.9.2)
    crack (0.1.8)
    dalli (2.2.1)
    devise (2.1.2)
      bcrypt-ruby (~> 3.0)
      orm_adapter (~> 0.1)
      railties (~> 3.1)
      warden (~> 1.2.1)
    devise-encryptable (0.1.1)
      devise (>= 2.1.0.rc)
    erubis (2.7.0)
    excon (0.13.4)
    execjs (1.4.0)
      multi_json (~> 1.0)
    fastercsv (1.5.5)
    fog (1.3.1)
      builder
      excon (~> 0.13.0)
      formatador (~> 0.2.0)
      mime-types
      multi_json (~> 1.0)
      net-scp (~> 1.0.4)
      net-ssh (>= 2.1.3)
      nokogiri (~> 1.5.0)
      ruby-hmac
    formatador (0.2.3)
    formtastic (2.1.1)
      actionpack (~> 3.0)
    girl_friday (0.10.0)
      connection_pool (~> 0.9.0)
    gyoku (0.4.6)
      builder (>= 2.1.2)
    has_scope (0.5.1)
    hashie (1.2.0)
    heroku (2.26.3)
      heroku-api (~> 0.2.1)
      launchy (>= 0.3.2)
      netrc (~> 0.7.2)
      rest-client (~> 1.6.1)
      rubyzip
    heroku-api (0.2.1)
      excon (~> 0.13.3)
    hike (1.2.1)
    honeypot-captcha (0.0.2)
    hooves (0.7)
      unicorn (> 0)
    httpi (0.7.9)
      rack
    i18n (0.6.1)
    inherited_resources (1.3.1)
      has_scope (~> 0.5.0)
      responders (~> 0.6)
    journey (1.0.4)
    jquery-rails (2.1.2)
      railties (>= 3.1.0, < 5.0)
      thor (~> 0.14)
    json (1.7.5)
    kaminari (0.13.0)
      actionpack (>= 3.0.0)
      activesupport (>= 3.0.0)
      railties (>= 3.0.0)
    kgio (2.7.4)
    launchy (2.1.2)
      addressable (~> 2.3)
    mail (2.4.4)
      i18n (>= 0.4.0)
      mime-types (~> 1.16)
      treetop (~> 1.4.8)
    meta_search (1.1.3)
      actionpack (~> 3.1)
      activerecord (~> 3.1)
      activesupport (~> 3.1)
      polyamorous (~> 0.5.0)
    metaclass (0.0.1)
    mime-types (1.19)
    mini_magick (3.4)
      subexec (~> 0.2.1)
    mocha (0.12.4)
      metaclass (~> 0.0.1)
    money (4.0.2)
      i18n (~> 0.4)
      json
    multi_json (1.3.6)
    mysql2 (0.3.11)
    net-scp (1.0.4)
      net-ssh (>= 1.99.1)
    net-ssh (2.5.2)
    netrc (0.7.7)
    newrelic_rpm (3.3.5)
    nokogiri (1.5.5)
    open4 (1.3.0)
    orm_adapter (0.4.0)
    polyamorous (0.5.0)
      activerecord (~> 3.0)
    polyglot (0.3.3)
    rack (1.4.1)
    rack-cache (1.2)
      rack (>= 0.4)
    rack-ssl (1.3.2)
      rack
    rack-test (0.6.1)
      rack (>= 1.0)
    rails (3.2.8)
      actionmailer (= 3.2.8)
      actionpack (= 3.2.8)
      activerecord (= 3.2.8)
      activeresource (= 3.2.8)
      activesupport (= 3.2.8)
      bundler (~> 1.0)
      railties (= 3.2.8)
    rails3-jquery-autocomplete (1.0.9)
      rails (~> 3.0)
    railties (3.2.8)
      actionpack (= 3.2.8)
      activesupport (= 3.2.8)
      rack-ssl (~> 1.3.2)
      rake (>= 0.8.7)
      rdoc (~> 3.4)
      thor (>= 0.14.6, < 2.0)
    raindrops (0.10.0)
    rake (0.9.2.2)
    rdoc (3.12)
      json (~> 1.4)
    responders (0.9.2)
      railties (~> 3.1)
    rest-client (1.6.7)
      mime-types (>= 1.16)
    rmagick (2.13.1)
    ruby-hmac (0.4.0)
    rubyzip (0.9.9)
    sass (3.2.1)
    sass-rails (3.2.5)
      railties (~> 3.2.0)
      sass (>= 3.1.10)
      tilt (~> 1.3)
    savon (0.8.6)
      builder (>= 2.1.2)
      crack (~> 0.1.8)
      gyoku (>= 0.3.0)
      httpi (>= 0.7.8)
    sequel (3.20.0)
    simple_form (1.5.2)
      actionpack (~> 3.0)
      activemodel (~> 3.0)
    sinatra (1.0)
      rack (>= 1.0)
    smart_tuple (0.1.2)
    sprockets (2.1.3)
      hike (~> 1.2)
      rack (~> 1.0)
      tilt (~> 1.1, != 1.3.0)
    sqlite3 (1.3.6)
    subexec (0.2.2)
    taps (0.3.24)
      rack (>= 1.0.1)
      rest-client (>= 1.4.0, < 1.7.0)
      sequel (~> 3.20.0)
      sinatra (~> 1.0.0)
    thor (0.16.0)
    tilt (1.3.3)
    treetop (1.4.10)
      polyglot
      polyglot (>= 0.3.1)
    tzinfo (0.3.33)
    uglifier (1.3.0)
      execjs (>= 0.3.0)
      multi_json (~> 1.0, >= 1.0.2)
    unicorn (4.3.1)
      kgio (~> 2.6)
      rack
      raindrops (~> 0.7)
    warden (1.2.1)
      rack (>= 1.0)
    yui-compressor (0.9.6)
      POpen4 (>= 0.1.4)

PLATFORMS
  ruby

DEPENDENCIES
  active_paypal_adaptive_payment (~> 0.3.15)
  activeadmin (~> 0.5.0)
  activemerchant (~> 1.26.0)
  carrierwave (~> 0.6.2)
  ckeditor (~> 3.7.1)
  coffee-rails
  dalli (~> 2.2)
  devise (~> 2.1.2)
  devise-encryptable (~> 0.1.1)
  fog (~> 1.3.1)
  formtastic (~> 2.1.1)
  girl_friday (~> 0.10.0)
  heroku
  honeypot-captcha (~> 0.0.2)
  hooves
  jquery-rails
  json
  kaminari (~> 0.13.0)
  mini_magick (~> 3.4)
  money (~> 4.0.2)
  mysql2
  newrelic_rpm (~> 3.3.2)
  nokogiri (~> 1.5.0)
  rails (~> 3.2.8)
  rails3-jquery-autocomplete (~> 1.0.6)
  rmagick (~> 2.13.1)
  sass-rails
  simple_form (~> 1.5.2)
  smart_tuple (~> 0.1.2)
  sqlite3
  stamps!
  taps (~> 0.3.24)
  uglifier
  unicorn
  yui-compressor
